GEM
  remote: https://rubygems.org/
  specs:
    addressable (2.6.0)
      public_suffix (>= 2.0.2, < 4.0)
    coderay (1.1.2)
    connection_pool (2.2.2)
    corefoundation (0.2.0)
      ffi
    crack (0.4.3)
      safe_yaml (~> 1.0.0)
    descendants_tracker (0.0.4)
      thread_safe (~> 0.3, >= 0.3.1)
    domain_name (0.5.20180417)
      unf (>= 0.0.5, < 1.0.0)
    equatable (0.5.0)
    faraday (0.15.4)
      multipart-post (>= 1.2, < 3)
    ffi (1.10.0)
    ffi-bit_masks (0.1.1)
      ffi (~> 1.0)
    gir_ffi (0.13.1)
      ffi (~> 1.8)
      ffi-bit_masks (~> 0.1.1)
      indentation (~> 0.1.1)
    gir_ffi-gnome_keyring (0.0.10)
      gir_ffi (~> 0.13.0)
    github_api (0.18.2)
      addressable (~> 2.4)
      descendants_tracker (~> 0.0.4)
      faraday (~> 0.8)
      hashie (~> 3.5, >= 3.5.2)
      oauth2 (~> 1.0)
    hashdiff (0.3.8)
    hashie (3.6.0)
    http-cookie (1.0.3)
      domain_name (~> 0.5)
    indentation (0.1.1)
    jwt (2.1.0)
    keyring (0.4.1)
      ruby-keychain (~> 0.3.2)
      slop (< 4.0)
    mechanize (2.7.6)
      domain_name (~> 0.5, >= 0.5.1)
      http-cookie (~> 1.0)
      mime-types (>= 1.17.2)
      net-http-digest_auth (~> 1.1, >= 1.1.1)
      net-http-persistent (>= 2.5.2)
      nokogiri (~> 1.6)
      ntlm-http (~> 0.1, >= 0.1.1)
      webrobots (>= 0.0.9, < 0.2)
    method_source (0.9.2)
    mime-types (3.2.2)
      mime-types-data (~> 3.2015)
    mime-types-data (3.2018.0812)
    mini_portile2 (2.4.0)
    multi_json (1.13.1)
    multi_xml (0.6.0)
    multipart-post (2.0.0)
    necromancer (0.4.0)
    net-http-digest_auth (1.4.1)
    net-http-persistent (3.0.0)
      connection_pool (~> 2.2)
    nokogiri (1.10.1)
      mini_portile2 (~> 2.4.0)
    ntlm-http (0.1.1)
    oauth2 (1.4.1)
      faraday (>= 0.8, < 0.16.0)
      jwt (>= 1.0, < 3.0)
      multi_json (~> 1.3)
      multi_xml (~> 0.5)
      rack (>= 1.2, < 3)
    paint (2.1.0)
    pastel (0.7.2)
      equatable (~> 0.5.0)
      tty-color (~> 0.4.0)
    pry (0.12.2)
      coderay (~> 1.1.0)
      method_source (~> 0.9.0)
    public_suffix (3.0.3)
    rack (2.0.6)
    ruby-keychain (0.3.2)
      corefoundation (~> 0.2.0)
      ffi
    safe_yaml (1.0.4)
    slop (3.6.0)
    thread_safe (0.3.6)
    timers (4.2.0)
    tty-color (0.4.3)
    tty-cursor (0.6.0)
    tty-prompt (0.18.1)
      necromancer (~> 0.4.0)
      pastel (~> 0.7.0)
      timers (~> 4.0)
      tty-cursor (~> 0.6.0)
      tty-reader (~> 0.5.0)
    tty-reader (0.5.0)
      tty-cursor (~> 0.6.0)
      tty-screen (~> 0.6.4)
      wisper (~> 2.0.0)
    tty-screen (0.6.5)
    unf (0.1.4)
      unf_ext
    unf_ext (0.0.7.5)
    vcr (4.0.0)
    webmock (3.5.1)
      addressable (>= 2.3.6)
      crack (>= 0.3.2)
      hashdiff
    webrobots (0.1.2)
    wisper (2.0.0)

PLATFORMS
  ruby

DEPENDENCIES
  gir_ffi
  gir_ffi-gnome_keyring
  github_api
  keyring
  mechanize
  paint
  pry
  tty-cursor
  tty-prompt
  vcr
  webmock

BUNDLED WITH
   1.16.1
